GEM
  remote: https://rubygems.org/
  specs:
    rake (11.2.2)

PLATFORMS
  ruby

DEPENDENCIES
  rake

RUBY VERSION
   ruby 2.4.0p0

BUNDLED WITH
   1.13.7
