GEM
  remote: https://rubygems.org/
  specs:
    activesupport (5.0.1)
      concurrent-ruby (~> 1.0, >= 1.0.2)
      i18n (~> 0.7)
      minitest (~> 5.1)
      tzinfo (~> 1.1)
    concurrent-ruby (1.0.4)
    envyable (1.2.0)
      thor (>= 0.18.1, < 2.0)
    i18n (0.7.0)
    minitest (5.10.1)
    rake (11.2.2)
    thor (0.19.4)
    thread_safe (0.3.5)
    tzinfo (1.2.2)
      thread_safe (~> 0.1)

PLATFORMS
  ruby

DEPENDENCIES
  activesupport
  envyable
  rake

RUBY VERSION
   ruby 2.4.0p0

BUNDLED WITH
   1.13.7
