GEM
  remote: https://rubygems.org/
  specs:
    activesupport (5.0.2)
      concurrent-ruby (~> 1.0, >= 1.0.2)
      i18n (~> 0.7)
      minitest (~> 5.1)
      tzinfo (~> 1.1)
    concurrent-ruby (1.0.5)
    envyable (1.2.0)
      thor (>= 0.18.1, < 2.0)
    i18n (0.8.1)
    minitest (5.10.1)
    rake (12.0.0)
    slack (0)
      speck (>= 1)
    speck (1)
    thor (0.19.4)
    thread_safe (0.3.6)
    tzinfo (1.2.2)
      thread_safe (~> 0.1)

PLATFORMS
  ruby

DEPENDENCIES
  activesupport
  envyable
  rake
  slack

RUBY VERSION
   ruby 2.4.0p0

BUNDLED WITH
   1.14.6
